PATH
  remote: .
  specs:
    mainsms_api (0.0.2)
      active_attr (~> 0.7)
      activesupport (~> 3.1)
      hashie (~> 1.2)
      httparty (~> 0.10)

GEM
  remote: http://rubygems.org/
  specs:
    active_attr (0.7.0)
      activemodel (>= 3.0.2, < 4.1)
      activesupport (>= 3.0.2, < 4.1)
    activemodel (3.2.13)
      activesupport (= 3.2.13)
      builder (~> 3.0.0)
    activesupport (3.2.13)
      i18n (= 0.6.1)
      multi_json (~> 1.0)
    builder (3.0.4)
    diff-lcs (1.1.3)
    hashie (1.2.0)
    httparty (0.10.2)
      multi_json (~> 1.0)
      multi_xml (>= 0.5.2)
    i18n (0.6.1)
    multi_json (1.7.2)
    multi_xml (0.5.3)
    rspec (2.12.0)
      rspec-core (~> 2.12.0)
      rspec-expectations (~> 2.12.0)
      rspec-mocks (~> 2.12.0)
    rspec-core (2.12.2)
    rspec-expectations (2.12.1)
      diff-lcs (~> 1.1.3)
    rspec-mocks (2.12.2)

PLATFORMS
  ruby

DEPENDENCIES
  mainsms_api!
  rspec
